PATH
  remote: .
  specs:
    copedent (0.1.0)
      terminal-table

GEM
  remote: https://rubygems.org/
  specs:
    terminal-table (3.0.2)
      unicode-display_width (>= 1.1.1, < 3)
    unicode-display_width (2.6.0)

PLATFORMS
  ruby
  x86_64-linux

DEPENDENCIES
  copedent!

BUNDLED WITH
   2.6.2
